PATH
  remote: .
  specs:
    vault-invoice-builder-client (0.0.5)
      excon
      multi_json
      yajl-ruby

GEM
  remote: https://rubygems.org/
  specs:
    ansi (1.5.0)
    byebug (5.0.0)
      columnize (= 0.9.0)
    coderay (1.1.1)
    columnize (0.9.0)
    excon (0.56.0)
    guard-compat (1.2.1)
    guard-minitest (2.4.4)
      guard-compat (~> 1.2)
      minitest (>= 3.0)
    logfmt (0.0.7)
    method_source (0.8.2)
    mini_portile (0.6.2)
    minitest (4.7.5)
    multi_json (1.11.1)
    nokogiri (1.6.6.2)
      mini_portile (~> 0.6.0)
    pry (0.10.4)
      coderay (~> 1.1.0)
      method_source (~> 0.8.1)
      slop (~> 3.4)
    rack (1.6.4)
    rack-test (0.6.3)
      rack (>= 1.0)
    rake (10.4.2)
    rr (1.1.2)
    scrolls (0.3.8)
    slop (3.6.0)
    turn (0.9.7)
      ansi
      minitest (~> 4)
    vault-test-tools (0.3.9)
      guard-minitest
      logfmt
      minitest (~> 4.7.4)
      nokogiri
      rack-test
      rr
      scrolls
      turn
    yajl-ruby (1.2.1)
    yard (0.8.7.6)

PLATFORMS
  ruby

DEPENDENCIES
  byebug
  multi_json
  pry
  rake
  rr
  vault-invoice-builder-client!
  vault-test-tools
  yard

BUNDLED WITH
   1.15.4
