PATH
  remote: .
  specs:
    vault-invoice-builder-client (0.0.2)
      excon
      multi_json
      yajl-ruby

PATH
  remote: ~/src/vault-test-tools
  specs:
    vault-test-tools (0.3.7)
      guard-minitest
      logfmt
      minitest (~> 4.7.4)
      nokogiri
      rack-test
      rr
      scrolls
      turn

GEM
  remote: https://rubygems.org/
  specs:
    ansi (1.4.3)
    celluloid (0.15.2)
      timers (~> 1.1.0)
    coderay (1.1.0)
    columnize (0.8.9)
    debugger (1.6.6)
      columnize (>= 0.3.1)
      debugger-linecache (~> 1.2.0)
      debugger-ruby_core_source (~> 1.3.2)
    debugger-linecache (1.2.0)
    debugger-ruby_core_source (1.3.2)
    excon (0.33.0)
    ffi (1.9.3)
    formatador (0.2.5)
    guard (2.6.1)
      formatador (>= 0.2.4)
      listen (~> 2.7)
      lumberjack (~> 1.0)
      pry (>= 0.9.12)
      thor (>= 0.18.1)
    guard-minitest (2.3.2)
      guard (~> 2.0)
      minitest (>= 3.0)
    listen (2.7.9)
      celluloid (>= 0.15.2)
      rb-fsevent (>= 0.9.3)
      rb-inotify (>= 0.9)
    logfmt (0.0.6)
    lumberjack (1.0.9)
    method_source (0.8.2)
    mini_portile (0.6.0)
    minitest (4.7.5)
    multi_json (1.10.0)
    nokogiri (1.6.3.1)
      mini_portile (= 0.6.0)
    pry (0.10.1)
      coderay (~> 1.1.0)
      method_source (~> 0.8.1)
      slop (~> 3.4)
    rack (1.5.2)
    rack-test (0.6.2)
      rack (>= 1.0)
    rake (10.0.3)
    rb-fsevent (0.9.4)
    rb-inotify (0.9.5)
      ffi (>= 0.5.0)
    rr (1.0.4)
    scrolls (0.3.8)
    slop (3.6.0)
    thor (0.19.1)
    timers (1.1.0)
    turn (0.9.7)
      ansi
      minitest (~> 4)
    yajl-ruby (1.2.0)
    yard (0.8.7.4)

PLATFORMS
  ruby

DEPENDENCIES
  debugger
  multi_json
  rake
  rr
  vault-invoice-builder-client!
  vault-test-tools!
  yard
